GEM
  remote: http://rubygems.org/
  specs:
    sass (3.4.22)
    sass-globbing (1.1.5)
      sass (>= 3.1)

PLATFORMS
  ruby

DEPENDENCIES
  sass
  sass-globbing

BUNDLED WITH
   1.11.2
